PATH
  remote: .
  specs:
    ynab_import (0.1.0)
      money (= 6.11.0)
      money-open-exchange-rates
      puma (~> 3.0)
      sinatra (~> 2.0)
      terminal-table (~> 1.6)

GEM
  remote: https://rubygems.org/
  specs:
    coderay (1.1.1)
    concurrent-ruby (1.0.5)
    i18n (1.0.1)
      concurrent-ruby (~> 1.0)
    method_source (0.8.2)
    minitest (5.10.2)
    money (6.11.0)
      i18n (>= 0.6.4, < 1.1)
    money-open-exchange-rates (1.2.2)
      money (~> 6.6)
    mustermann (1.0.3)
    pry (0.10.4)
      coderay (~> 1.1.0)
      method_source (~> 0.8.1)
      slop (~> 3.4)
    puma (3.11.4)
    rack (2.0.5)
    rack-protection (2.0.4)
      rack
    rake (10.5.0)
    sinatra (2.0.4)
      mustermann (~> 1.0)
      rack (~> 2.0)
      rack-protection (= 2.0.4)
      tilt (~> 2.0)
    slop (3.6.0)
    terminal-table (1.8.0)
      unicode-display_width (~> 1.1, >= 1.1.1)
    tilt (2.0.8)
    unicode-display_width (1.3.3)

PLATFORMS
  ruby

DEPENDENCIES
  bundler (~> 1.12)
  minitest (~> 5.0)
  pry
  rake (~> 10.0)
  ynab_import!

RUBY VERSION
   ruby 2.4.1p111

BUNDLED WITH
   1.16.0
